GEM
  remote: https://rubygems.org/
  specs:
    ansi (1.5.0)
    builder (3.2.2)
    chunky_png (1.3.8)
    glu (8.2.2)
    glu (8.2.2-x64-mingw32)
    glut (8.2.2)
    glut (8.2.2-x64-mingw32)
    minitest (5.9.0)
    minitest-reporters (1.1.11)
      ansi
      builder
      minitest (>= 5.0)
      ruby-progressbar
    opengl (0.9.2)
    opengl (0.9.2-x64-mingw32)
    ruby-progressbar (1.8.1)

PLATFORMS
  ruby
  x64-mingw32

DEPENDENCIES
  chunky_png
  glu
  glut
  minitest
  minitest-reporters
  opengl

BUNDLED WITH
   1.13.3
